PATH
  remote: .
  specs:
    optimis_client (0.2.1)
      typhoeus (~> 0.4.2)
      yajl-ruby

GEM
  remote: http://rubygems.org/
  specs:
    diff-lcs (1.1.3)
    ffi (1.1.5)
    mime-types (1.19)
    rspec (2.8.0)
      rspec-core (~> 2.8.0)
      rspec-expectations (~> 2.8.0)
      rspec-mocks (~> 2.8.0)
    rspec-core (2.8.0)
    rspec-expectations (2.8.0)
      diff-lcs (~> 1.1.2)
    rspec-mocks (2.8.0)
    typhoeus (0.4.2)
      ffi (~> 1.0)
      mime-types (~> 1.18)
    yajl-ruby (1.1.0)

PLATFORMS
  ruby

DEPENDENCIES
  optimis_client!
  rspec (~> 2.5)
