PATH
  remote: .
  specs:
    optimis_client (0.1.0)
      typhoeus (~> 0.2.3)
      yajl-ruby

GEM
  remote: http://rubygems.org/
  specs:
    diff-lcs (1.1.2)
    mime-types (1.16)
    rspec (2.5.0)
      rspec-core (~> 2.5.0)
      rspec-expectations (~> 2.5.0)
      rspec-mocks (~> 2.5.0)
    rspec-core (2.5.1)
    rspec-expectations (2.5.0)
      diff-lcs (~> 1.1.2)
    rspec-mocks (2.5.0)
    typhoeus (0.2.4)
      mime-types
      mime-types
    yajl-ruby (0.8.2)

PLATFORMS
  ruby

DEPENDENCIES
  optimis_client!
  rspec (~> 2.5)
