PATH
  remote: .
  specs:
    optimis_client (0.2.0)
      typhoeus (~> 0.3.3)
      yajl-ruby

GEM
  remote: http://rubygems.org/
  specs:
    diff-lcs (1.1.3)
    mime-types (1.18)
    rspec (2.8.0)
      rspec-core (~> 2.8.0)
      rspec-expectations (~> 2.8.0)
      rspec-mocks (~> 2.8.0)
    rspec-core (2.8.0)
    rspec-expectations (2.8.0)
      diff-lcs (~> 1.1.2)
    rspec-mocks (2.8.0)
    typhoeus (0.3.3)
      mime-types
    yajl-ruby (1.1.0)

PLATFORMS
  ruby

DEPENDENCIES
  optimis_client!
  rspec (~> 2.5)
